PATH
  remote: ..
  specs:
    hooksler (0.1.0)
      hitimes
      rack

GEM
  remote: https://rubygems.org/
  specs:
    daemons (1.1.9)
    eventmachine (1.0.7)
    hitimes (1.2.2)
    rack (1.6.1)
    thin (1.6.1)
      daemons (>= 1.0.9)
      eventmachine (>= 1.0.0)
      rack (>= 1.0.0)

PLATFORMS
  ruby

DEPENDENCIES
  eventmachine
  hooksler!
  thin
